GIT
  remote: git://github.com/rails/activerecord-deprecated_finders.git
  revision: 5937f3e7102f9be461ce2dccaef0e4d14e92cd35
  specs:
    activerecord-deprecated_finders (0.0.3)

GIT
  remote: git://github.com/rails/arel.git
  revision: 80f11e342d00a2177dd8e5684914855b87771c5b
  specs:
    arel (3.0.2.20120819075748)

GIT
  remote: git://github.com/rails/coffee-rails.git
  revision: a30c954554022caca62f7b362ee6f43eba7dc166
  specs:
    coffee-rails (4.0.0.beta)
      coffee-script (>= 2.2.0)
      railties (>= 4.0.0.beta, < 5.0)

GIT
  remote: git://github.com/rails/rails.git
  revision: f8c8ad56c8a1cb48c6535fd8e248dcb9049e0aa3
  specs:
    actionmailer (4.0.0.beta)
      actionpack (= 4.0.0.beta)
      mail (~> 2.5.3)
    actionpack (4.0.0.beta)
      activesupport (= 4.0.0.beta)
      builder (~> 3.1.0)
      erubis (~> 2.7.0)
      rack (~> 1.5.2)
      rack-test (~> 0.6.1)
    activemodel (4.0.0.beta)
      activesupport (= 4.0.0.beta)
      builder (~> 3.1.0)
    activerecord (4.0.0.beta)
      activemodel (= 4.0.0.beta)
      activerecord-deprecated_finders (~> 0.0.3)
      activesupport (= 4.0.0.beta)
      arel (~> 3.0.2)
    activesupport (4.0.0.beta)
      i18n (~> 0.6)
      minitest (~> 4.1)
      multi_json (~> 1.3)
      thread_safe (~> 0.1)
      tzinfo (~> 0.3.33)
    rails (4.0.0.beta)
      actionmailer (= 4.0.0.beta)
      actionpack (= 4.0.0.beta)
      activerecord (= 4.0.0.beta)
      activesupport (= 4.0.0.beta)
      bundler (>= 1.2.2, < 2.0)
      railties (= 4.0.0.beta)
      sprockets-rails (~> 2.0.0.rc1)
    railties (4.0.0.beta)
      actionpack (= 4.0.0.beta)
      activesupport (= 4.0.0.beta)
      rake (>= 0.8.7)
      rdoc (~> 3.4)
      thor (>= 0.17.0, < 2.0)

GIT
  remote: git://github.com/rails/sass-rails.git
  revision: f6431cf032e1beaff243b95151fdb13cae60562e
  specs:
    sass-rails (4.0.0.beta)
      railties (>= 4.0.0.beta, < 5.0)
      sass (>= 3.1.10)
      sprockets-rails (~> 2.0.0.rc0)
      tilt (~> 1.3)

GIT
  remote: git://github.com/rails/sprockets-rails.git
  revision: 22270f83fb63537cef8a638835363360f2fbaab4
  specs:
    sprockets-rails (2.0.0.rc2)
      actionpack (>= 3.0)
      activesupport (>= 3.0)
      sprockets (~> 2.8)

GIT
  remote: git://github.com/rspec/rspec-core.git
  revision: 212388404cf3236d14eba91e511cef4d6b9296b0
  specs:
    rspec-core (2.12.2)

GIT
  remote: git://github.com/rspec/rspec-expectations.git
  revision: 07a064ad2d44c0560f421f2b920ee7416f83b1c7
  specs:
    rspec-expectations (2.12.1)
      diff-lcs (>= 1.1.3, < 2.0)

GIT
  remote: git://github.com/rspec/rspec-mocks.git
  revision: a6b052b3f5334692423ea50c4e1474e10ee2edcc
  specs:
    rspec-mocks (2.12.2)

GIT
  remote: git://github.com/rspec/rspec-rails.git
  revision: b50018edcb5c7f7e2902ca8d9c05ac4326641075
  specs:
    rspec-rails (2.12.0)
      actionpack (>= 3.0)
      activesupport (>= 3.0)
      railties (>= 3.0)
      rspec-core (~> 2.12.0)
      rspec-expectations (~> 2.12.0)
      rspec-mocks (~> 2.12.0)

GIT
  remote: git://github.com/rspec/rspec.git
  revision: b8e9f832cc56966ff48c47d5ec1f918c38986380
  specs:
    rspec (2.12.0)
      rspec-core (~> 2.12.0)
      rspec-expectations (~> 2.12.0)
      rspec-mocks (~> 2.12.0)

PATH
  remote: .
  specs:
    clwiki (2.0.0)
      clindex
      clutil

GEM
  remote: https://rubygems.org/
  specs:
    atomic (1.0.1)
    builder (3.1.4)
    clindex (1.2.1)
      clutil (>= 2011.138.0)
    clutil (2011.138.0)
    coffee-script (2.2.0)
      coffee-script-source
      execjs
    coffee-script-source (1.4.0)
    diff-lcs (1.2.1)
    erubis (2.7.0)
    execjs (1.4.0)
      multi_json (~> 1.0)
    hike (1.2.1)
    i18n (0.6.1)
    jquery-rails (2.2.1)
      railties (>= 3.0, < 5.0)
      thor (>= 0.14, < 2.0)
    json (1.7.7)
    mail (2.5.3)
      i18n (>= 0.4.0)
      mime-types (~> 1.16)
      treetop (~> 1.4.8)
    mime-types (1.21)
    minitest (4.6.0)
    multi_json (1.6.0)
    polyglot (0.3.3)
    rack (1.5.2)
    rack-test (0.6.2)
      rack (>= 1.0)
    rake (10.0.3)
    rdoc (3.12.1)
      json (~> 1.4)
    sass (3.2.5)
    sprockets (2.8.2)
      hike (~> 1.2)
      multi_json (~> 1.0)
      rack (~> 1.0)
      tilt (~> 1.1, != 1.3.0)
    sqlite3 (1.3.7)
    thor (0.17.0)
    thread_safe (0.1.0)
      atomic
    tilt (1.3.3)
    treetop (1.4.12)
      polyglot
      polyglot (>= 0.3.1)
    turbolinks (1.0.0)
      coffee-rails
    tzinfo (0.3.35)
    uglifier (1.3.0)
      execjs (>= 0.3.0)
      multi_json (~> 1.0, >= 1.0.2)

PLATFORMS
  ruby

DEPENDENCIES
  activerecord-deprecated_finders!
  arel!
  clwiki!
  coffee-rails!
  jquery-rails
  rails!
  rspec!
  rspec-core!
  rspec-expectations!
  rspec-mocks!
  rspec-rails!
  sass-rails!
  sprockets-rails!
  sqlite3
  turbolinks
  uglifier (>= 1.0.3)
